PATH
  remote: .
  specs:
    this_feature (0.8.0)
    this_feature-adapters-flipper (0.8.0)
      flipper (~> 0.16)
      flipper-active_record (~> 0.16)
      this_feature
    this_feature-adapters-split_io (0.8.0)
      splitclient-rb
      this_feature

GEM
  remote: https://rubygems.org/
  specs:
    activemodel (7.0.4.1)
      activesupport (= 7.0.4.1)
    activerecord (7.0.4.1)
      activemodel (= 7.0.4.1)
      activesupport (= 7.0.4.1)
    activesupport (7.0.4.1)
      concurrent-ruby (~> 1.0, >= 1.0.2)
      i18n (>= 1.6, < 2)
      minitest (>= 5.1)
      tzinfo (~> 2.0)
    byebug (11.1.2)
    coderay (1.1.2)
    concurrent-ruby (1.1.10)
    connection_pool (2.2.5)
    database_cleaner (1.8.4)
    database_cleaner-active_record (1.8.0)
      activerecord
      database_cleaner (~> 1.8.0)
    diff-lcs (1.3)
    faraday (1.7.0)
      faraday-em_http (~> 1.0)
      faraday-em_synchrony (~> 1.0)
      faraday-excon (~> 1.1)
      faraday-httpclient (~> 1.0.1)
      faraday-net_http (~> 1.0)
      faraday-net_http_persistent (~> 1.1)
      faraday-patron (~> 1.0)
      faraday-rack (~> 1.0)
      multipart-post (>= 1.2, < 3)
      ruby2_keywords (>= 0.0.4)
    faraday-em_http (1.0.0)
    faraday-em_synchrony (1.0.0)
    faraday-excon (1.1.0)
    faraday-httpclient (1.0.1)
    faraday-net_http (1.0.1)
    faraday-net_http_persistent (1.2.0)
    faraday-patron (1.0.0)
    faraday-rack (1.0.0)
    flipper (0.25.0)
    flipper-active_record (0.25.0)
      activerecord (>= 4.2, < 8)
      flipper (~> 0.25.0)
    gem-release (2.2.1)
    hitimes (1.3.1)
    i18n (1.12.0)
      concurrent-ruby (~> 1.0)
    json (2.5.1)
    jwt (2.2.3)
    lru_redux (1.1.0)
    method_source (1.0.0)
    minitest (5.17.0)
    multipart-post (2.1.1)
    net-http-persistent (4.0.1)
      connection_pool (~> 2.2)
    pry (0.13.1)
      coderay (~> 1.1)
      method_source (~> 1.0)
    pry-byebug (3.9.0)
      byebug (~> 11.0)
      pry (~> 0.13.0)
    rake (13.0.1)
    redis (4.4.0)
    rspec (3.9.0)
      rspec-core (~> 3.9.0)
      rspec-expectations (~> 3.9.0)
      rspec-mocks (~> 3.9.0)
    rspec-core (3.9.1)
      rspec-support (~> 3.9.1)
    rspec-expectations (3.9.1)
      diff-lcs (>= 1.2.0, < 2.0)
      rspec-support (~> 3.9.0)
    rspec-mocks (3.9.1)
      diff-lcs (>= 1.2.0, < 2.0)
      rspec-support (~> 3.9.0)
    rspec-support (3.9.2)
    ruby2_keywords (0.0.5)
    socketry (0.5.1)
      hitimes (~> 1.2)
    splitclient-rb (7.3.1)
      concurrent-ruby (~> 1.0)
      faraday (>= 0.8)
      json (>= 1.8)
      jwt (>= 2.2.1)
      lru_redux
      net-http-persistent (>= 2.9)
      redis (>= 4.2.2)
      socketry (~> 0.5.1)
      thread_safe (>= 0.3)
    sqlite3 (1.4.2)
    thread_safe (0.3.6)
    tzinfo (2.0.5)
      concurrent-ruby (~> 1.0)

PLATFORMS
  ruby

DEPENDENCIES
  bundler (~> 2.0)
  database_cleaner-active_record
  gem-release
  pry-byebug
  rake (~> 13.0)
  rspec (~> 3.0)
  sqlite3
  this_feature!
  this_feature-adapters-flipper!
  this_feature-adapters-split_io!

BUNDLED WITH
   2.3.21
