PATH
  remote: .
  specs:
    this_feature (0.8.1)
    this_feature-adapters-flipper (0.8.1)
      flipper (~> 0.16)
      flipper-active_record (~> 0.16)
      this_feature
    this_feature-adapters-split_io (0.8.1)
      splitclient-rb
      this_feature

GEM
  remote: https://rubygems.org/
  specs:
    activemodel (6.1.7)
      activesupport (= 6.1.7)
    activerecord (6.1.7)
      activemodel (= 6.1.7)
      activesupport (= 6.1.7)
    activesupport (6.1.7)
      concurrent-ruby (~> 1.0, >= 1.0.2)
      i18n (>= 1.6, < 2)
      minitest (>= 5.1)
      tzinfo (~> 2.0)
      zeitwerk (~> 2.3)
    bitarray (1.3.0)
    byebug (11.1.3)
    coderay (1.1.3)
    concurrent-ruby (1.1.10)
    connection_pool (2.3.0)
    database_cleaner-active_record (2.0.1)
      activerecord (>= 5.a)
      database_cleaner-core (~> 2.0.0)
    database_cleaner-core (2.0.1)
    diff-lcs (1.5.0)
    faraday (2.7.2)
      faraday-net_http (>= 2.0, < 3.1)
      ruby2_keywords (>= 0.0.4)
    faraday-net_http (3.0.2)
    faraday-net_http_persistent (2.1.0)
      faraday (~> 2.5)
      net-http-persistent (~> 4.0)
    flipper (0.26.0)
      concurrent-ruby (< 2)
    flipper-active_record (0.26.0)
      activerecord (>= 4.2, < 8)
      flipper (~> 0.26.0)
    gem-release (2.2.2)
    hitimes (1.3.1)
    i18n (1.12.0)
      concurrent-ruby (~> 1.0)
    json (2.6.3)
    jwt (2.6.0)
    lru_redux (1.1.0)
    method_source (1.0.0)
    mini_portile2 (2.8.1)
    minitest (5.17.0)
    net-http-persistent (4.0.1)
      connection_pool (~> 2.2)
    pry (0.13.1)
      coderay (~> 1.1)
      method_source (~> 1.0)
    pry-byebug (3.9.0)
      byebug (~> 11.0)
      pry (~> 0.13.0)
    rake (13.0.6)
    redis (4.8.0)
    rspec (3.12.0)
      rspec-core (~> 3.12.0)
      rspec-expectations (~> 3.12.0)
      rspec-mocks (~> 3.12.0)
    rspec-core (3.12.0)
      rspec-support (~> 3.12.0)
    rspec-expectations (3.12.1)
      diff-lcs (>= 1.2.0, < 2.0)
      rspec-support (~> 3.12.0)
    rspec-mocks (3.12.1)
      diff-lcs (>= 1.2.0, < 2.0)
      rspec-support (~> 3.12.0)
    rspec-support (3.12.0)
    ruby2_keywords (0.0.5)
    socketry (0.5.1)
      hitimes (~> 1.2)
    splitclient-rb (8.1.0)
      bitarray (~> 1.3)
      concurrent-ruby (~> 1.0)
      faraday (>= 1.1, < 3.0)
      faraday-net_http_persistent (>= 1.0, < 3.0)
      json (>= 1.8, < 3.0)
      jwt (>= 1.0.0, < 3.0)
      lru_redux (~> 1.1)
      net-http-persistent (>= 2.9, < 5.0)
      redis (>= 4.0.0, < 5.0)
      socketry (>= 0.4, < 1.0)
      thread_safe (~> 0.3)
    sqlite3 (1.5.4)
      mini_portile2 (~> 2.8.0)
    thread_safe (0.3.6)
    tzinfo (2.0.5)
      concurrent-ruby (~> 1.0)
    zeitwerk (2.6.6)

PLATFORMS
  ruby

DEPENDENCIES
  bundler (~> 2.0)
  database_cleaner-active_record
  gem-release
  pry-byebug
  rake (~> 13.0)
  rspec (~> 3.0)
  sqlite3
  this_feature!
  this_feature-adapters-flipper!
  this_feature-adapters-split_io!

BUNDLED WITH
   2.3.21
